PATH
  remote: ../..
  specs:
    drb_protocol_drubyws (0.1.0)
      drb (~> 2.2)
      wands (~> 0.6)

GEM
  remote: https://rubygems.org/
  specs:
    drb (2.2.1)
    js (2.7.1)
    logger (1.7.0)
    protocol-http (0.49.0)
    protocol-websocket (0.20.2)
      protocol-http (~> 0.2)
    rake (13.2.1)
    ruby_wasm (2.7.1)
    ruby_wasm (2.7.1-aarch64-linux)
    ruby_wasm (2.7.1-aarch64-linux-musl)
    ruby_wasm (2.7.1-arm64-darwin)
    ruby_wasm (2.7.1-x86_64-darwin)
    ruby_wasm (2.7.1-x86_64-linux)
    ruby_wasm (2.7.1-x86_64-linux-musl)
    wands (0.8.0)
      protocol-websocket (~> 0.20)
      webrick (~> 1.9)
    webrick (1.9.1)

PLATFORMS
  aarch64-linux
  aarch64-linux-musl
  arm64-darwin
  ruby
  x86_64-darwin
  x86_64-linux
  x86_64-linux-musl

DEPENDENCIES
  drb_protocol_drubyws!
  js (~> 2.7)
  logger (~> 1.7)
  rake (~> 13.2)
  ruby_wasm (~> 2.7)

BUNDLED WITH
   2.6.2
