PATH
  remote: ..
  specs:
    drb_protocol_drubyws (0.1.0)
      drb (~> 2.2)
      wands (~> 0.6)

GEM
  remote: https://rubygems.org/
  specs:
    drb (2.2.1)
    protocol-http (0.49.0)
    protocol-websocket (0.20.1)
      protocol-http (~> 0.2)
    wands (0.8.0)
      protocol-websocket (~> 0.20)
      webrick (~> 1.9)
    webrick (1.9.1)

PLATFORMS
  ruby
  x86_64-linux

DEPENDENCIES
  drb_protocol_drubyws!

BUNDLED WITH
   2.6.2
