PATH
  remote: ..
  specs:
    drb_web_socket (0.1.0)
      drb (~> 2.2)
      wands (~> 0.3)

GEM
  remote: https://rubygems.org/
  specs:
    drb (2.2.1)
    protocol-http (0.47.1)
    protocol-websocket (0.20.1)
      protocol-http (~> 0.2)
    wands (0.3.0)
      protocol-websocket (~> 0.20)
      webrick (~> 1.9)
    webrick (1.9.1)

PLATFORMS
  ruby
  x86_64-linux

DEPENDENCIES
  drb_web_socket!

BUNDLED WITH
   2.6.2
